GEM
  remote: https://rubygems.org/
  specs:
    diff-lcs (1.3)
    inifile (3.0.0)
    netaddr (1.5.1)
    rspec (3.6.0)
      rspec-core (~> 3.6.0)
      rspec-expectations (~> 3.6.0)
      rspec-mocks (~> 3.6.0)
    rspec-core (3.6.0)
      rspec-support (~> 3.6.0)
    rspec-expectations (3.6.0)
      diff-lcs (>= 1.2.0, < 2.0)
      rspec-support (~> 3.6.0)
    rspec-mocks (3.6.0)
      diff-lcs (>= 1.2.0, < 2.0)
      rspec-support (~> 3.6.0)
    rspec-support (3.6.0)

PLATFORMS
  ruby
  x64-mingw32

DEPENDENCIES
  inifile
  netaddr
  rspec

BUNDLED WITH
   1.15.0
